GEM
  remote: https://rubygems.org/
  specs:
    byebug (8.2.4)

PLATFORMS
  ruby

DEPENDENCIES
  byebug (= 8.2.4)

BUNDLED WITH
   1.11.2
